PATH
  remote: .
  specs:
    arturo (0.0.1)
      activerecord (~> 3.0)
      activesupport (~> 3.0)

GEM
  remote: http://rubygems.org/
  specs:
    activemodel (3.0.1)
      activesupport (= 3.0.1)
      builder (~> 2.1.2)
      i18n (~> 0.4.1)
    activerecord (3.0.1)
      activemodel (= 3.0.1)
      activesupport (= 3.0.1)
      arel (~> 1.0.0)
      tzinfo (~> 0.3.23)
    activesupport (3.0.1)
    arel (1.0.1)
      activesupport (~> 3.0.0)
    builder (2.1.2)
    ffi (0.6.3)
      rake (>= 0.8.7)
    i18n (0.4.1)
    mocha (0.9.8)
      rake
    rake (0.8.7)
    redgreen (1.2.2)
    sqlite3 (0.1.1)
      ffi (>= 0.6.3)
    tzinfo (0.3.23)

PLATFORMS
  ruby

DEPENDENCIES
  arturo!
  mocha
  rake
  redgreen (~> 1.2)
  sqlite3 (~> 0.1)
