PATH
  remote: .
  specs:
    arturo (0.2.3.3)
      rails (~> 2.3.8)

GEM
  remote: http://rubygems.org/
  specs:
    actionmailer (2.3.10)
      actionpack (= 2.3.10)
    actionpack (2.3.10)
      activesupport (= 2.3.10)
      rack (~> 1.1.0)
    activerecord (2.3.10)
      activesupport (= 2.3.10)
    activeresource (2.3.10)
      activesupport (= 2.3.10)
    activesupport (2.3.10)
    factory_girl (1.3.2)
    mocha (0.9.9)
      rake
    rack (1.1.0)
    rails (2.3.10)
      actionmailer (= 2.3.10)
      actionpack (= 2.3.10)
      activerecord (= 2.3.10)
      activeresource (= 2.3.10)
      activesupport (= 2.3.10)
      rake (>= 0.8.3)
    rake (0.8.7)
    redgreen (1.2.2)
    sqlite3-ruby (1.3.1)

PLATFORMS
  ruby

DEPENDENCIES
  arturo!
  factory_girl (~> 1.3)
  mocha
  rails (~> 2.3.8)
  rake
  redgreen (~> 1.2)
  sqlite3-ruby (~> 1.3)
