PATH
  remote: .
  specs:
    arturo (0.2.3.4)
      rails (~> 2.3.8)

GEM
  remote: http://rubygems.org/
  specs:
    actionmailer (2.3.11)
      actionpack (= 2.3.11)
    actionpack (2.3.11)
      activesupport (= 2.3.11)
      rack (~> 1.1.0)
    activerecord (2.3.11)
      activesupport (= 2.3.11)
    activeresource (2.3.11)
      activesupport (= 2.3.11)
    activesupport (2.3.11)
    factory_girl (1.3.3)
    mocha (0.9.12)
    rack (1.1.2)
    rails (2.3.11)
      actionmailer (= 2.3.11)
      actionpack (= 2.3.11)
      activerecord (= 2.3.11)
      activeresource (= 2.3.11)
      activesupport (= 2.3.11)
      rake (>= 0.8.3)
    rake (0.8.7)
    redgreen (1.2.2)
    sqlite3 (1.3.3)
    sqlite3-ruby (1.3.3)
      sqlite3 (>= 1.3.3)
    timecop (0.3.5)

PLATFORMS
  ruby

DEPENDENCIES
  arturo!
  factory_girl (~> 1.3)
  mocha
  rails (~> 2.3.8)
  rake
  redgreen (~> 1.2)
  sqlite3-ruby (~> 1.3)
  timecop (~> 0.3)
